GEM
  remote: https://rubygems.org/
  specs:
    connection_pool (2.5.0)
    date (3.4.1)
    debug (1.10.0)
      irb (~> 1.10)
      reline (>= 0.3.8)
    io-console (0.8.0)
    irb (1.15.1)
      pp (>= 0.6.0)
      rdoc (>= 4.0.0)
      reline (>= 0.4.2)
    message_bus (4.4.1)
      rack (>= 1.1.3)
    pp (0.6.2)
      prettyprint
    prettyprint (0.2.0)
    psych (5.2.3)
      date
      stringio
    rack (3.1.12)
    rdbg (0.1.0)
      debug (>= 1.2.2)
    rdoc (6.13.0)
      psych (>= 4.0.0)
    redis (5.4.0)
      redis-client (>= 0.22.0)
    redis-client (0.24.0)
      connection_pool
    reline (0.6.0)
      io-console (~> 0.5)
    stringio (3.1.6)

PLATFORMS
  x86_64-linux

DEPENDENCIES
  message_bus
  rdbg (~> 0.1.0)
  redis

BUNDLED WITH
   2.6.2
